PATH
  remote: .
  specs:
    thecurrencycloud (0.5)
      hashie (~> 1.0)
      httparty (~> 0.8)
      json
      rest-client

GEM
  remote: http://rubygems.org/
  specs:
    fakeweb (1.3.0)
    hashie (1.2.0)
    httparty (0.12.0)
      json (~> 1.8)
      multi_xml (>= 0.5.2)
    jnunemaker-matchy (0.4.0)
    json (1.8.1)
    metaclass (0.0.1)
    mime-types (2.0)
    mocha (0.10.0)
      metaclass (~> 0.0.1)
    multi_xml (0.5.5)
    rake (0.9.2.2)
    rest-client (1.6.7)
      mime-types (>= 1.16)
    shoulda (3.0.1)
      shoulda-context (~> 1.0.0)
      shoulda-matchers (~> 1.0.0)
    shoulda-context (1.0.0)
    shoulda-matchers (1.0.0)

PLATFORMS
  ruby

DEPENDENCIES
  fakeweb (~> 1.3)
  jnunemaker-matchy (~> 0.4)
  mocha (~> 0.9)
  rake
  shoulda (~> 3.0.1)
  thecurrencycloud!
